GEM
  remote: http://rubygems.org/
  specs:
    diff-lcs (1.1.3)
    grit (2.4.1)
      diff-lcs (~> 1.1)
      mime-types (~> 1.15)
    mime-types (1.17.2)
    rake (0.9.2.2)
    tempdir (0.0.1)

PLATFORMS
  ruby

DEPENDENCIES
  grit
  rake
  tempdir
